GEM
  remote: https://rubygems.org/
  specs:
    coderay (1.1.2)
    dotenv (2.4.0)
    json (2.1.0)
    method_source (0.9.0)
    mustermann (1.0.2)
    pg (1.0.0)
    pry (0.11.3)
      coderay (~> 1.1.0)
      method_source (~> 0.9.0)
    puma (3.11.4)
    rack (2.0.5)
    rack-protection (2.0.1)
      rack
    rake (12.3.1)
    sequel (5.8.0)
    sinatra (2.0.1)
      mustermann (~> 1.0)
      rack (~> 2.0)
      rack-protection (= 2.0.1)
      tilt (~> 2.0)
    tilt (2.0.8)

PLATFORMS
  ruby

DEPENDENCIES
  dotenv
  json
  pg
  pry
  puma
  rake
  sequel
  sinatra

BUNDLED WITH
   1.16.1
